PATH
  remote: .
  specs:
    autodesk (0.1.0)

GEM
  remote: https://rubygems.org/
  specs:
    curb (0.9.10)
    curb-fu (0.6.2)
      curb (>= 0.5.4.0)
      rack-test (>= 0.2.0)
    rack (2.1.1)
    rack-test (1.1.0)
      rack (>= 1.0, < 3)
    rake (10.5.0)

PLATFORMS
  ruby

DEPENDENCIES
  autodesk!
  bundler (~> 2.0)
  curb-fu
  rake (~> 10.0)

BUNDLED WITH
   2.0.1
