PATH
  remote: .
  specs:
    autodesk (0.3.0)
      curb-fu

GEM
  remote: https://rubygems.org/
  specs:
    curb (0.9.10)
    curb-fu (0.6.2)
      curb (>= 0.5.4.0)
      rack-test (>= 0.2.0)
    rack (2.1.1)
    rack-test (1.1.0)
      rack (>= 1.0, < 3)
    rake (13.0.1)

PLATFORMS
  ruby

DEPENDENCIES
  autodesk!
  bundler (~> 2.0)
  curb-fu
  rake (~> 13.0)

BUNDLED WITH
   2.0.1
